GEM
  remote: http://rubygems.org/
  specs:
    git (1.2.5)
    jeweler (1.6.0)
      bundler (~> 1.0.0)
      git (>= 1.2.5)
      rake
    nokogiri (1.4.4)
    rake (0.8.7)
    rcov (0.9.9)
    shoulda (2.11.3)
    yard (0.6.8)

PLATFORMS
  ruby

DEPENDENCIES
  bundler (~> 1.0.0)
  jeweler (~> 1.6.0)
  nokogiri (>= 1.4.4)
  rcov (>= 0.9.9)
  shoulda (>= 2.11.3)
  yard (>= 0.6.8)
